GEM
  remote: https://ruby.taobao.org/
  specs:
    rugged (0.23.3)

PLATFORMS
  ruby

DEPENDENCIES
  rugged
