GEM
  remote: https://ruby.taobao.org/
  specs:
    colorize (0.7.7)
    puma (2.16.0)
    rack (1.6.4)
    rack-protection (1.5.3)
      rack
    rugged (0.23.3)
    sinatra (1.4.7)
      rack (~> 1.5)
      rack-protection (~> 1.4)
      tilt (>= 1.3, < 3)
    tilt (2.0.2)

PLATFORMS
  ruby

DEPENDENCIES
  colorize
  puma
  rugged
  sinatra
